GEM
  remote: https://rubygems.org/
  specs:
    bson (1.9.2)
    json (1.5.5)
    mongo (1.9.2)
      bson (~> 1.9.2)
    rack (1.5.2)
    sinatra (1.1.0)
      rack (~> 1.1)
      tilt (~> 1.1)
    tilt (1.4.1)

PLATFORMS
  x86-mingw32

DEPENDENCIES
  bson_ext
  json
  mongo
  rack
  sinatra (= 1.1.0)
